NUGET
  remote: https://www.nuget.org/api/v2
    Faker.Net (1.0.3) - framework: >= net35
    JetBrains.Annotations (10.1.5) - framework: >= net35
    MahApps.Metro.IconPacks.Material (1.0) - framework: >= net35
    WPFToolkit (3.5.50211.1) - framework: net35
